PATH
  remote: .
  specs:
    twine_link_checker (0.2.0)
      htmlentities
      thor

GEM
  remote: https://rubygems.org/
  specs:
    debase (0.2.3)
      debase-ruby_core_source (>= 0.10.2)
    debase-ruby_core_source (0.10.5)
    htmlentities (4.3.4)
    minitest (5.11.3)
    rake (10.5.0)
    ruby-debug-ide (0.7.0)
      rake (>= 0.8.1)
    thor (0.20.3)

PLATFORMS
  ruby

DEPENDENCIES
  bundler (~> 1.16)
  debase (~> 0.2.1)
  minitest (~> 5.0)
  rake (~> 10.0)
  ruby-debug-ide (~> 0.7.0)
  twine_link_checker!

BUNDLED WITH
   1.17.2
